GEM
  remote: http://rubygems.org/
  specs:
    addressable (2.2.8)
    bouncy-castle-java (1.5.0146.1)
    columnize (0.3.6)
    data_objects (0.10.8)
      addressable (~> 2.1)
    diff-lcs (1.1.3)
    dm-core (1.2.0)
      addressable (~> 2.2.6)
    dm-do-adapter (1.2.0)
      data_objects (~> 0.10.6)
      dm-core (~> 1.2.0)
    dm-migrations (1.2.0)
      dm-core (~> 1.2.0)
    dm-mysql-adapter (1.2.0)
      dm-do-adapter (~> 1.2.0)
      do_mysql (~> 0.10.6)
    dm-postgres-adapter (1.2.0)
      dm-do-adapter (~> 1.2.0)
      do_postgres (~> 0.10.6)
    dm-validations (1.2.0)
      dm-core (~> 1.2.0)
    do_jdbc (0.10.8-java)
      data_objects (= 0.10.8)
    do_mysql (0.10.8)
      data_objects (= 0.10.8)
    do_mysql (0.10.8-java)
      data_objects (= 0.10.8)
      do_jdbc (= 0.10.8)
      jdbc-mysql (>= 5.0.4)
    do_postgres (0.10.8)
      data_objects (= 0.10.8)
    do_postgres (0.10.8-java)
      data_objects (= 0.10.8)
      do_jdbc (= 0.10.8)
      jdbc-postgres (>= 8.2)
    excon (0.14.3)
    ffi (1.0.11-java)
    foreman (0.47.0)
      thor (>= 0.13.6)
    grape (0.2.0)
      hashie (~> 1.2)
      multi_json
      multi_xml
      rack
      rack-mount
    hashie (1.2.0)
    heroku (2.28.10)
      heroku-api (~> 0.2.7)
      launchy (>= 0.3.2)
      netrc (~> 0.7.5)
      rest-client (~> 1.6.1)
      rubyzip
    heroku-api (0.2.7)
      excon (~> 0.14.3)
    jdbc-mysql (5.1.13)
    jdbc-postgres (9.1.901)
    jruby-openssl (0.7.7)
      bouncy-castle-java (>= 1.5.0146.1)
    jruby-rack (1.1.7)
    launchy (2.1.0)
      addressable (~> 2.2.6)
    launchy (2.1.0-java)
      addressable (~> 2.2.6)
      ffi (~> 1.0.9)
      spoon (~> 0.0.1)
    linecache (0.46-java)
    mime-types (1.19)
    multi_json (1.3.6)
    multi_xml (0.5.1)
    mysql (2.8.1)
    netrc (0.7.5)
    oj (1.3.0)
    rack (1.4.1)
    rack-mount (0.8.3)
      rack (>= 1.0.0)
    rack-test (0.6.1)
      rack (>= 1.0)
    rest-client (1.6.7)
      mime-types (>= 1.16)
    rspec (2.11.0)
      rspec-core (~> 2.11.0)
      rspec-expectations (~> 2.11.0)
      rspec-mocks (~> 2.11.0)
    rspec-core (2.11.0)
    rspec-expectations (2.11.1)
      diff-lcs (~> 1.1.3)
    rspec-mocks (2.11.1)
    ruby-debug (0.10.4)
      columnize (>= 0.1)
      ruby-debug-base (~> 0.10.4.0)
    ruby-debug-base (0.10.4)
      linecache (>= 0.3)
    ruby-debug-base (0.10.4-java)
    rubyzip (0.9.9)
    spoon (0.0.1)
    thor (0.15.4)
    trinidad (1.3.5)
      jruby-rack (>= 1.1.5)
      trinidad_jars (>= 1.0.2)
    trinidad_jars (1.0.5)

PLATFORMS
  java

DEPENDENCIES
  dm-migrations
  dm-mysql-adapter
  dm-postgres-adapter
  dm-validations
  foreman
  grape
  heroku
  jruby-openssl
  mysql
  oj
  rack
  rack-test
  rspec
  ruby-debug
  trinidad
